PATH
  remote: .
  specs:
    state_machine (1.0.1)

GEM
  remote: http://www.rubygems.org/
  specs:

PLATFORMS
  ruby

DEPENDENCIES
  state_machine!
